GEM
  remote: https://rubygems.org/
  specs:
    ansi (1.5.0)
    hashie (3.5.5)
    itamae (1.9.11)
      ansi
      hashie
      schash (~> 0.1.0)
      specinfra (>= 2.64.0, < 3.0.0)
      thor
    itamae-plugin-recipe-rtn_git (0.1.4)
      itamae (>= 1.5.2)
    itamae-plugin-recipe-tmux (0.1.2)
      itamae
    net-scp (1.2.1)
      net-ssh (>= 2.6.5)
    net-ssh (4.1.0)
    net-telnet (0.1.1)
    schash (0.1.2)
    sfl (2.3)
    specinfra (2.68.0)
      net-scp
      net-ssh (>= 2.7, < 5.0)
      net-telnet
      sfl
    thor (0.19.4)

PLATFORMS
  ruby

DEPENDENCIES
  itamae
  itamae-plugin-recipe-rtn_git
  itamae-plugin-recipe-tmux

BUNDLED WITH
   1.12.5
